PATH
  remote: .
  specs:
    efficient_translations (0.0.7)
      activerecord (<= 3.0.9)
      activesupport (<= 3.0.9)

GEM
  remote: https://rubygems.org/
  specs:
    activemodel (3.0.9)
      activesupport (= 3.0.9)
      builder (~> 2.1.2)
      i18n (~> 0.5.0)
    activerecord (3.0.9)
      activemodel (= 3.0.9)
      activesupport (= 3.0.9)
      arel (~> 2.0.10)
      tzinfo (~> 0.3.23)
    activesupport (3.0.9)
    arel (2.0.10)
    builder (2.1.2)
    diff-lcs (1.1.3)
    i18n (0.5.0)
    rake (0.9.2.2)
    rspec (2.7.0)
      rspec-core (~> 2.7.0)
      rspec-expectations (~> 2.7.0)
      rspec-mocks (~> 2.7.0)
    rspec-core (2.7.1)
    rspec-expectations (2.7.0)
      diff-lcs (~> 1.1.2)
    rspec-mocks (2.7.0)
    sqlite3 (1.3.5)
    tzinfo (0.3.33)

PLATFORMS
  ruby

DEPENDENCIES
  efficient_translations!
  rake
  rspec
  sqlite3
